PATH
  remote: .
  specs:
    jlauncher (0.1.0)
      httparty
      optimist
      rubyzip

GEM
  remote: https://rubygems.org/
  specs:
    httparty (0.16.2)
      multi_xml (>= 0.5.2)
    minitest (5.10.3)
    multi_xml (0.6.0)
    optimist (3.0.1)
    rake (10.5.0)
    rubyzip (2.3.0)

PLATFORMS
  ruby

DEPENDENCIES
  bundler (~> 1.16)
  jlauncher!
  minitest (~> 5.0)
  rake (~> 10.0)

BUNDLED WITH
   1.16.1
