PATH
  remote: .
  specs:
    jlauncher (0.2.0)
      httparty
      optimist
      rubyzip

GEM
  remote: https://rubygems.org/
  specs:
    httparty (0.18.1)
      mime-types (~> 3.0)
      multi_xml (>= 0.5.2)
    mime-types (3.3.1)
      mime-types-data (~> 3.2015)
    mime-types-data (3.2020.0512)
    minitest (5.10.3)
    multi_xml (0.6.0)
    optimist (3.0.1)
    rake (13.0.1)
    rubyzip (2.3.0)

PLATFORMS
  ruby

DEPENDENCIES
  bundler (~> 1.16)
  jlauncher!
  minitest (~> 5.0)
  rake (~> 13.0)

BUNDLED WITH
   1.16.1
